GEM
  remote: http://rubygems.org/
  specs:
    activesupport (3.1.3)
      multi_json (~> 1.0)
    addressable (2.2.6)
    atomic (1.1.101)
    base64 (0.2.0)
    buftok (0.1)
    crack (0.3.1)
    descendants_tracker (0.0.3)
    diff-lcs (1.1.3)
    emk-sinatra-url-for (0.2.1)
      sinatra (>= 0.9.1.1)
    equalizer (0.0.11)
    fakeweb (1.3.0)
    faraday (0.8.7)
      multipart-post (~> 1.1)
    guard (0.8.8)
      thor (~> 0.14.6)
    guard-rspec (0.5.7)
      guard (>= 0.8.4)
    haml (3.0.25)
    heroku (2.11.0)
      launchy (>= 0.3.2)
      rest-client (~> 1.6.1)
      rubyzip
      term-ansicolor (~> 1.0.5)
    http (0.5.1)
      http_parser.rb
    http_parser.rb (0.5.3)
    httparty (0.8.1)
      multi_json
      multi_xml
    i18n (0.6.0)
    json (1.8.6)
    launchy (2.0.5)
      addressable (~> 2.2.6)
    logger (1.6.1)
    maruku (0.6.0)
      syntax (>= 1.0.0)
    memoizable (0.2.0)
      thread_safe (~> 0.1.3)
    metaclass (0.0.1)
    mime-types (1.17.2)
    mocha (0.10.0)
      metaclass (~> 0.0.1)
    multi_json (1.15.0)
    multi_xml (0.4.1)
    multipart-post (1.1.3)
    mustermann (3.0.3)
      ruby2_keywords (~> 0.0.1)
    rack (3.1.8)
    rack-protection (4.1.0)
      base64 (>= 0.1.0)
      logger (>= 1.6.0)
      rack (>= 3.0.0, < 4)
    rack-session (2.0.0)
      rack (>= 3.0.0)
    rack-test (0.6.1)
      rack (>= 1.0)
    rake (0.9.2.2)
    rest-client (1.6.7)
      mime-types (>= 1.16)
    rspec (2.7.0)
      rspec-core (~> 2.7.0)
      rspec-expectations (~> 2.7.0)
      rspec-mocks (~> 2.7.0)
    rspec-core (2.7.1)
    rspec-expectations (2.7.0)
      diff-lcs (~> 1.1.2)
    rspec-mocks (2.7.0)
    ruby2_keywords (0.0.5)
    rubyzip (0.9.4)
    simple_oauth (0.2.0)
    sinatra (4.1.0)
      logger (>= 1.6.0)
      mustermann (~> 3.0)
      rack (>= 3.0.0, < 4)
      rack-protection (= 4.1.0)
      rack-session (>= 2.0.0, < 3)
      tilt (~> 2.0)
    sinatra-static-assets (0.5.0)
      emk-sinatra-url-for (>= 0.2.1)
      rack (>= 1.0.0)
      sinatra (>= 0.9.1)
    swish (0.8.1)
      crack (>= 0.1.8)
      httparty (>= 0.6.1)
    syntax (1.0.0)
    term-ansicolor (1.0.7)
    thor (0.14.6)
    thread_safe (0.1.3)
      atomic
    tilt (2.4.0)
    twitter (5.0.0)
      buftok (~> 0.1.0)
      descendants_tracker (~> 0.0.1)
      equalizer (~> 0.0.7)
      faraday (>= 0.8, < 0.10)
      http (~> 0.5.0)
      http_parser.rb (~> 0.5.0)
      json (~> 1.8)
      memoizable (~> 0.2.0)
      simple_oauth (~> 0.2.0)

PLATFORMS
  ruby

DEPENDENCIES
  activesupport (~> 3.1)
  fakeweb
  guard
  guard-rspec
  haml
  heroku
  i18n
  maruku
  mocha
  rack
  rack-test
  rake
  rspec
  sinatra (= 4.1.0)
  sinatra-static-assets
  swish
  twitter
